GIT
  remote: https://github.com/hzalaz/carthage_cache
  revision: 5ac0619984f30cad3f2a7b59570c01066e0c447c
  branch: travis-for-oss-support
  specs:
    carthage_cache (0.4.0)
      aws-sdk (~> 2.2.3)
      commander (~> 4.3)

GEM
  remote: https://rubygems.org/
  specs:
    aws-sdk (2.2.37)
      aws-sdk-resources (= 2.2.37)
    aws-sdk-core (2.2.37)
      jmespath (~> 1.0)
    aws-sdk-resources (2.2.37)
      aws-sdk-core (= 2.2.37)
    commander (4.4.0)
      highline (~> 1.7.2)
    highline (1.7.8)
    jmespath (1.2.4)
      json_pure (>= 1.8.1)
    json_pure (1.8.3)
    rouge (1.10.1)
    xcpretty (0.2.2)
      rouge (~> 1.8)

PLATFORMS
  ruby

DEPENDENCIES
  carthage_cache!
  xcpretty
